GEM
  remote: https://rubygems.org/
  specs:
    aws-sdk (2.1.31)
      aws-sdk-resources (= 2.1.31)
    aws-sdk-core (2.1.31)
      jmespath (~> 1.0)
    aws-sdk-resources (2.1.31)
      aws-sdk-core (= 2.1.31)
    colorize (0.7.7)
    jmespath (1.1.3)

PLATFORMS
  ruby

DEPENDENCIES
  aws-sdk (~> 2)
  colorize

BUNDLED WITH
   1.10.6
